GEM
  remote: https://rubygems.org/
  specs:
    ProMotion (1.0.4)
    rake (10.1.0)

PLATFORMS
  ruby

DEPENDENCIES
  ProMotion (~> 1.0.4)
  rake
