GEM
  remote: https://rubygems.org/
  specs:
    ProMotion (1.0.4)
    bubble-wrap (1.3.0)
    rake (10.1.0)
    teacup (2.1.10)

PLATFORMS
  ruby

DEPENDENCIES
  ProMotion (~> 1.0.4)
  bubble-wrap
  rake
  teacup
